GEM
  remote: https://rubygems.org/
  specs:
    coderay (1.1.3)
    csv (3.2.3)
    method_source (1.0.0)
    pry (0.14.1)
      coderay (~> 1.1)
      method_source (~> 1.0)
    terminal-table (3.0.2)
      unicode-display_width (>= 1.1.1, < 3)
    unicode-display_width (2.1.0)

PLATFORMS
  x86_64-linux

DEPENDENCIES
  csv
  pry
  terminal-table

RUBY VERSION
   ruby 2.7.4p191

BUNDLED WITH
   2.2.32
